GEM
  remote: https://rubygems.org/
  specs:
    debug (1.7.1)
      irb (>= 1.5.0)
      reline (>= 0.3.1)
    io-console (0.6.0)
    irb (1.6.2)
      reline (>= 0.3.0)
    memory_profiler (1.1.0)
    minitest (5.25.5)
    power_assert (2.0.5)
    rake (13.0.6)
    reline (0.3.2)
      io-console (~> 0.5)
    test-unit (3.7.0)
      power_assert

PLATFORMS
  ruby
  x86_64-linux

DEPENDENCIES
  debug
  memory_profiler
  minitest (~> 5.0)
  rake (~> 13.0)
  test-unit (~> 3.6)

BUNDLED WITH
   2.5.18
