GEM
  remote: https://rubygems.org/
  specs:
    debug (1.7.1)
      irb (>= 1.5.0)
      reline (>= 0.3.1)
    io-console (0.6.0)
    irb (1.6.2)
      reline (>= 0.3.0)
    minitest (5.25.5)
    rake (13.0.6)
    reline (0.3.2)
      io-console (~> 0.5)

PLATFORMS
  ruby
  x86_64-linux

DEPENDENCIES
  debug
  minitest (~> 5.0)
  rake (~> 13.0)

BUNDLED WITH
   2.5.18
